{
    "TaskName": "movietrailers",
    "Manufacturer": "n/a",
    "PowerLineFrequency": 60.0,
    "SamplingFrequency": 512.0,
    "SoftwareFilters": "n/a",
    "RecordingDuration": 67.611328125,
    "RecordingType": "continuous",
    "iEEGReference": "n/a",
    "ECOGChannelCount": 56,
    "SEEGChannelCount": 92,
    "EEGChannelCount": 0,
    "EOGChannelCount": 0,
    "ECGChannelCount": 0,
    "EMGChannelCount": 0,
    "MiscChannelCount": 0,
    "TriggerChannelCount": 0
}
