{
    "TaskName": "timit4",
    "Manufacturer": "n/a",
    "PowerLineFrequency": 60.0,
    "SamplingFrequency": 2048.0,
    "SoftwareFilters": "n/a",
    "RecordingDuration": 403.65966796875,
    "RecordingType": "continuous",
    "iEEGReference": "n/a",
    "ECOGChannelCount": 0,
    "SEEGChannelCount": 160,
    "EEGChannelCount": 0,
    "EOGChannelCount": 0,
    "ECGChannelCount": 0,
    "EMGChannelCount": 0,
    "MiscChannelCount": 0,
    "TriggerChannelCount": 0
}
